GEM
  remote: https://rubygems.org/
  specs:
    POpen4 (0.1.4)
      Platform (>= 0.4.0)
      open4
    Platform (0.4.0)
    asciidoctor (0.1.2)
    awestruct (0.5.2)
      bootstrap-sass (>= 2.3.1.0)
      compass (>= 0.12.1)
      compass-960-plugin (~> 0.10.4)
      git (~> 1.2.5)
      haml (~> 4.0.1)
      json (>= 1.7.7)
      listen (>= 0.7.3)
      nokogiri (>= 1.5.6)
      rack (~> 1.5.2)
      rest-client (>= 1.6.7)
      ruby-s3cmd (~> 0.1.5)
      tilt (>= 1.3.6)
      zurb-foundation (>= 4.0.9)
    bootstrap-sass (2.3.2.1)
      sass (~> 3.2)
    builder (3.2.0)
    chunky_png (1.2.8)
    commonjs (0.2.6)
    compass (0.12.2)
      chunky_png (~> 1.2)
      fssm (>= 0.2.7)
      sass (~> 3.1)
    compass-960-plugin (0.10.4)
      compass (>= 0.10.0)
    execjs (1.4.0)
      multi_json (~> 1.0)
    ffi (1.8.1)
    ffi (1.8.1-java)
    fssm (0.2.10)
    git (1.2.5)
    haml (4.0.2)
      tilt
    html_truncator (0.3.0)
      nokogiri (~> 1.4)
    htmlcompressor (0.0.6)
      yui-compressor (~> 0.9.6)
    json (1.8.0)
    json (1.8.0-java)
    kramdown (1.0.2)
    less (2.2.2)
      commonjs (~> 0.2.6)
    libv8 (3.3.10.4)
    listen (1.2.2)
      rb-fsevent (>= 0.9.3)
      rb-inotify (>= 0.9)
      rb-kqueue (>= 0.2)
    markaby (0.7.2)
      builder (>= 2.0.0)
    mime-types (1.23)
    multi_json (1.7.3)
    nokogiri (1.5.9)
    nokogiri (1.5.9-java)
    open4 (1.3.0)
    puma (2.0.1)
      rack (>= 1.1, < 2.0)
    puma (2.0.1-java)
      rack (>= 1.1, < 2.0)
    rack (1.5.2)
    rb-fsevent (0.9.3)
    rb-inotify (0.9.0)
      ffi (>= 0.5.0)
    rb-kqueue (0.2.0)
      ffi (>= 0.5.0)
    rdiscount (2.0.7.3)
    rest-client (1.6.7)
      mime-types (>= 1.16)
    ruby-prof (0.13.0)
    ruby-s3cmd (0.1.5)
    sass (3.2.9)
    slim (2.0.0)
      temple (~> 0.6.5)
      tilt (~> 1.3, >= 1.3.3)
    temple (0.6.5)
    therubyracer (0.10.2)
      libv8 (~> 3.3.10)
    therubyrhino (2.0.2)
      therubyrhino_jar (>= 1.7.3)
    therubyrhino_jar (1.7.4)
    tilt (1.4.1)
    uglifier (1.3.0)
      execjs (>= 0.3.0)
      multi_json (~> 1.0, >= 1.0.2)
    yui-compressor (0.9.6)
      POpen4 (>= 0.1.4)
    zurb-foundation (4.3.0)
      sass (>= 3.2.0)

PLATFORMS
  java
  ruby

DEPENDENCIES
  asciidoctor (~> 0.1)
  awestruct (~> 0.5)
  html_truncator
  htmlcompressor (~> 0.0.5)
  kramdown
  less (~> 2.2.2)
  markaby
  puma
  rb-inotify (~> 0.9.0)
  rdiscount
  ruby-prof
  slim (~> 2.0)
  therubyracer (~> 0.10.0)
  therubyrhino
  tilt (~> 1.4)
  uglifier (~> 1.3.0)
